PATH
  remote: .
  specs:
    snapback (0.0.1)
      colorize (~> 0.5.8)
      mysql (>= 2.9.1)
      open4 (>= 1.3.0)
      ruby-lvm (>= 0.1.1)

GEM
  remote: http://rubygems.org/
  specs:
    colorize (0.5.8)
    mysql (2.9.1)
    open4 (1.3.0)
    ruby-lvm (0.1.1)
      open4 (>= 0.9.6)
      ruby-lvm-attrib (>= 0.0.1)
    ruby-lvm-attrib (0.0.1)

PLATFORMS
  ruby

DEPENDENCIES
  snapback!
